GEM
  remote: https://rubygems.org/
  specs:
    concurrent-ruby (1.1.10)
    faker (1.2.0)
      i18n (~> 0.5)
    i18n (0.9.5)
      concurrent-ruby (~> 1.0)
    influxdb (0.0.10)
      json
    json (2.3.1)

PLATFORMS
  ruby

DEPENDENCIES
  faker
  influxdb
